GEM
  remote: https://rubygems.org/
  specs:
    imggrabber (0.1.2)

PLATFORMS
  java
  ruby

DEPENDENCIES
  imggrabber
